GEM
  remote: https://rubygems.org/
  specs:
    cinch (2.1.0)
    mime-types (2.3)
    netrc (0.7.7)
    rest-client (1.7.2)
      mime-types (>= 1.16, < 3.0)
      netrc (~> 0.7)

PLATFORMS
  ruby

DEPENDENCIES
  cinch (= 2.1.0)
  rest-client
